PATH
  remote: .
  specs:
    tepacap (0.0.1)
      net-ssh (>= 2.1.4)
      net-ssh-gateway (>= 1.1.0)
      term-ansicolor (>= 1.0.7)
      thread_storm (>= 0.7.0)

GEM
  remote: http://rubygems.org/
  specs:
    net-ssh (2.5.2)
    net-ssh-gateway (1.1.0)
      net-ssh (>= 1.99.1)
    rake (0.8.7)
    term-ansicolor (1.0.7)
    thread_storm (0.7.1)

PLATFORMS
  ruby

DEPENDENCIES
  bundler (>= 1.0.0)
  rake
  tepacap!
